GEM
  remote: https://rubygems.org/
  specs:
    securerandom (0.2.0)

PLATFORMS
  x86_64-linux

DEPENDENCIES
  securerandom

BUNDLED WITH
   2.2.3
